PATH
  remote: .
  specs:
    es-query (0.0.1)
      curb (>= 0.8.5)
      elasticsearch (>= 0.4.1)
      progress_bar
      typhoeus

GEM
  remote: https://rubygems.org/
  specs:
    builder (3.2.2)
    curb (0.8.5)
    elasticsearch (0.4.3)
      elasticsearch-api (= 0.4.3)
      elasticsearch-transport (= 0.4.3)
    elasticsearch-api (0.4.3)
      multi_json
    elasticsearch-transport (0.4.3)
      faraday
      multi_json
    ethon (0.6.1)
      ffi (>= 1.3.0)
      mime-types (~> 1.18)
    faraday (0.8.8)
      multipart-post (~> 1.2.0)
    fattr (2.2.1)
    ffi (1.9.3)
    geminabox (0.12.1)
      builder
      httpclient (>= 2.2.7)
      nesty
      sinatra (>= 1.2.7)
    highline (1.6.20)
    httpclient (2.3.4.1)
    mime-types (1.25.1)
    multi_json (1.8.2)
    multipart-post (1.2.0)
    nesty (1.0.2)
    options (2.3.0)
      fattr
    progress_bar (1.0.0)
      highline (~> 1.6.1)
      options (~> 2.3.0)
    rack (1.5.2)
    rack-protection (1.5.1)
      rack
    sinatra (1.4.4)
      rack (~> 1.4)
      rack-protection (~> 1.4)
      tilt (~> 1.3, >= 1.3.4)
    tilt (1.4.1)
    typhoeus (0.6.6)
      ethon (~> 0.6.1)

PLATFORMS
  ruby

DEPENDENCIES
  es-query!
  geminabox
